PATH
  remote: .
  specs:
    scruby (0.2.7.3)
      arguments (~> 0.6)
      live (~> 0.1)
      ruby-osc (~> 0.40)

GEM
  remote: http://rubygems.org/
  specs:
    ParseTree (3.0.9)
      RubyInline (~> 3.9.0)
      sexp_processor (~> 3.2.0)
    RubyInline (3.9.0)
      ZenTest (~> 4.3)
    ZenTest (4.11.1)
    arguments (0.6)
      ParseTree (>= 3.0.3)
      ruby2ruby (= 1.1.9)
      ruby_parser (>= 2.0.2)
    byebug (10.0.2)
    coderay (1.1.2)
    diff-lcs (1.3)
    eventmachine (1.2.7)
    highline (2.0.0)
    hoe (3.17.1)
      rake (>= 0.8, < 13.0)
    live (0.1.2)
      highline
    method_source (0.9.0)
    pry (0.11.3)
      coderay (~> 1.1.0)
      method_source (~> 0.9.0)
    rake (12.3.1)
    rspec (3.8.0)
      rspec-core (~> 3.8.0)
      rspec-expectations (~> 3.8.0)
      rspec-mocks (~> 3.8.0)
    rspec-core (3.8.0)
      rspec-support (~> 3.8.0)
    rspec-expectations (3.8.1)
      diff-lcs (>= 1.2.0, < 2.0)
      rspec-support (~> 3.8.0)
    rspec-mocks (3.8.0)
      diff-lcs (>= 1.2.0, < 2.0)
      rspec-support (~> 3.8.0)
    rspec-support (3.8.0)
    ruby-osc (0.40.0)
      eventmachine (~> 1.2)
    ruby2ruby (1.1.9)
      ParseTree
      hoe (>= 1.5.3)
    ruby_parser (2.3.1)
      sexp_processor (~> 3.0)
    sexp_processor (3.2.0)

PLATFORMS
  ruby

DEPENDENCIES
  bundler
  byebug
  pry
  rspec
  scruby!

BUNDLED WITH
   1.16.2
