PATH
  remote: .
  specs:
    scruby (0.2.7.2)
      arguments (~> 0.6)
      live (~> 0.1)
      ruby-osc (~> 0.3)

GEM
  remote: http://rubygems.org/
  specs:
    ParseTree (3.0.9)
      RubyInline (~> 3.9.0)
      sexp_processor (~> 3.2.0)
    RubyInline (3.9.0)
      ZenTest (~> 4.3)
    ZenTest (4.11.1)
    arguments (0.6)
      ParseTree (>= 3.0.3)
      ruby2ruby (= 2.3.2)
      ruby_parser (>= 2.0.2)
    diff-lcs (1.1.2)
    eventmachine (1.2.3)
    highline (1.7.8)
    hoe (3.16.0)
      rake (>= 0.8, < 13.0)
    live (0.1.2)
      highline
    rake (12.0.0)
    rspec (2.5.0)
      rspec-core (~> 2.5.0)
      rspec-expectations (~> 2.5.0)
      rspec-mocks (~> 2.5.0)
    rspec-core (2.5.1)
    rspec-expectations (2.5.0)
      diff-lcs (~> 1.1.2)
    rspec-mocks (2.5.0)
    ruby-osc (0.31.0)
      eventmachine (>= 0.12.8)
    ruby2ruby (2.3.2)
      ParseTree
      hoe (>= 1.5.3)
    ruby_parser (2.3.1)
      sexp_processor (~> 3.0)
    sexp_processor (3.2.0)

PLATFORMS
  ruby

DEPENDENCIES
  bundler
  rspec
  scruby!

BUNDLED WITH
   1.14.6
