PATH
  remote: .
  specs:
    scruby-for-musa-dsl (0.3.0)
      ruby-osc (~> 0.40)

GEM
  remote: http://rubygems.org/
  specs:
    coderay (1.1.2)
    diff-lcs (1.3)
    eventmachine (1.2.7)
    method_source (0.9.0)
    pry (0.11.3)
      coderay (~> 1.1.0)
      method_source (~> 0.9.0)
    rspec (3.8.0)
      rspec-core (~> 3.8.0)
      rspec-expectations (~> 3.8.0)
      rspec-mocks (~> 3.8.0)
    rspec-core (3.8.0)
      rspec-support (~> 3.8.0)
    rspec-expectations (3.8.1)
      diff-lcs (>= 1.2.0, < 2.0)
      rspec-support (~> 3.8.0)
    rspec-mocks (3.8.0)
      diff-lcs (>= 1.2.0, < 2.0)
      rspec-support (~> 3.8.0)
    rspec-support (3.8.0)
    ruby-osc (0.40.0)
      eventmachine (~> 1.2)

PLATFORMS
  ruby

DEPENDENCIES
  bundler
  pry
  rspec
  scruby-for-musa-dsl!

BUNDLED WITH
   1.16.6
